GEM
  remote: https://rubygems.org/
  specs:
    sass (3.4.21)
    sass-globbing (1.1.1)
      sass (>= 3.1)

PLATFORMS
  ruby

DEPENDENCIES
  sass (~> 3.4.15)
  sass-globbing (~> 1.1.0)

BUNDLED WITH
   1.11.2
